GEM
  remote: https://rubygems.org/
  specs:
    awesome_print (1.7.0)
    mustermann (1.0.0)
    rack (2.0.3)
    rack-protection (2.0.0)
      rack
    sinatra (2.0.0)
      mustermann (~> 1.0)
      rack (~> 2.0)
      rack-protection (= 2.0.0)
      tilt (~> 2.0)
    sinatra-cross_origin (0.3.2)
    tilt (2.0.7)

PLATFORMS
  ruby

DEPENDENCIES
  awesome_print
  sinatra
  sinatra-cross_origin (~> 0.3.1)

BUNDLED WITH
   1.12.5
